GEM
  remote: https://rubygems.org/
  specs:
    daemons (1.1.9)
    dotenv (0.9.0)
    eventmachine (1.0.3)
    foreman (0.63.0)
      dotenv (>= 0.7)
      thor (>= 0.13.6)
    json (1.8.1)
    rack (1.5.2)
    rack-protection (1.5.1)
      rack
    rethinkdb (1.11.0.0)
      json
      ruby-protocol-buffers
    ruby-protocol-buffers (1.5.1)
    sinatra (1.4.4)
      rack (~> 1.4)
      rack-protection (~> 1.4)
      tilt (~> 1.3, >= 1.3.4)
    thin (1.6.1)
      daemons (>= 1.0.9)
      eventmachine (>= 1.0.0)
      rack (>= 1.0.0)
    thor (0.18.1)
    tilt (1.4.1)

PLATFORMS
  ruby

DEPENDENCIES
  foreman
  rethinkdb
  sinatra
  thin
